GEM
  remote: https://rubygems.org/
  specs:
    backports (3.9.1)
    debugger-ruby_core_source (1.3.8)
    get_process_mem (0.2.1)
    hiredis (0.6.1)
    multi_json (1.12.2)
    mustermann (1.0.1)
    mysql2 (0.4.9)
    puma (3.10.0)
    puma_worker_killer (0.1.0)
      get_process_mem (~> 0.2)
      puma (>= 2.7, < 4)
    rack (2.0.3)
    rack-lineprof (0.0.2)
      rack
      rblineprof (~> 0.3.1)
      term-ansicolor
    rack-protection (2.0.0)
      rack
    rblineprof (0.3.7)
      debugger-ruby_core_source (~> 1.3)
    redis (4.0.1)
    sinatra (2.0.0)
      mustermann (~> 1.0)
      rack (~> 2.0)
      rack-protection (= 2.0.0)
      tilt (~> 2.0)
    sinatra-contrib (2.0.0)
      backports (>= 2.0)
      multi_json
      mustermann (~> 1.0)
      rack-protection (= 2.0.0)
      sinatra (= 2.0.0)
      tilt (>= 1.3, < 3)
    term-ansicolor (1.6.0)
      tins (~> 1.0)
    tilt (2.0.8)
    tins (1.15.0)

PLATFORMS
  ruby

DEPENDENCIES
  hiredis
  mysql2
  puma
  puma_worker_killer
  rack-lineprof
  redis
  sinatra
  sinatra-contrib

BUNDLED WITH
   1.13.7
